GIT
  remote: git://github.com/asciidoctor/asciidoctor-pdf.git
  revision: 02728c36bdaa04fb1d1036e425e6dd8e5a60dc9b
  specs:
    asciidoctor-pdf (1.5.0.dev)
      asciidoctor (~> 1.5.0)
      prawn (= 1.2.1)
      prawn-svg (= 0.16.0)
      prawn-table (= 0.1.1)
      prawn-templates (= 0.0.3)
      thread_safe (= 0.3.4)
      treetop (= 1.5.3)

GIT
  remote: git://github.com/asciidoctor/asciidoctor.git
  revision: d5862cf8da967ea4f58924d575ce52c3250ab3d7
  specs:
    asciidoctor (1.5.3.dev)

GEM
  remote: https://rubygems.org/
  specs:
    Ascii85 (1.0.2)
    afm (0.2.2)
    coderay (1.1.0)
    hashery (2.1.1)
    pdf-core (0.2.5)
    pdf-reader (1.3.3)
      Ascii85 (~> 1.0.0)
      afm (~> 0.2.0)
      hashery (~> 2.0)
      ruby-rc4
      ttfunk
    polyglot (0.3.5)
    prawn (1.2.1)
      pdf-core (~> 0.2.5)
      ttfunk (~> 1.2.0)
    prawn-svg (0.16.0)
      prawn (>= 0.8.4)
    prawn-table (0.1.1)
    prawn-templates (0.0.3)
      pdf-reader (~> 1.3)
      prawn (>= 0.15.0)
    ruby-rc4 (0.1.5)
    thread_safe (0.3.4)
    treetop (1.5.3)
      polyglot (~> 0.3)
    ttfunk (1.2.2)

PLATFORMS
  ruby

DEPENDENCIES
  asciidoctor!
  asciidoctor-pdf!
  coderay
